GEM
  remote: https://rubygems.org/
  specs:
    ruby2d (0.11.3)
    tco (0.1.8)

PLATFORMS
  ruby

DEPENDENCIES
  ruby2d (~> 0.11.1)
  tco (~> 0.1.8)

BUNDLED WITH
   2.1.4
